PATH
  remote: .
  specs:
    bitcasa (0.0.1)
      rest-client

GEM
  remote: https://rubygems.org/
  specs:
    mime-types (1.25.1)
    rake (10.1.1)
    rest-client (1.6.7)
      mime-types (>= 1.16)

PLATFORMS
  ruby

DEPENDENCIES
  bitcasa!
  bundler (~> 1.5)
  rake
