GEM
  specs:
    json (1.8.1)
    mime-types (1.25.1)
    rest-client (1.6.7)
      mime-types (>= 1.16)

PLATFORMS
  ruby

DEPENDENCIES
  json
  rest-client
